GIT
  remote: https://github.com/FTB-Gamepedia/MediaWiki-Butt-Ruby.git
  revision: 7ee20de2221bc16837b92d4c0235e57f1d3e73c0
  specs:
    mediawiki-butt (3.0.0)
      patron (~> 0.13)

GEM
  remote: https://rubygems.org/
  specs:
    minitest (5.13.0)
    patron (0.13.3)

PLATFORMS
  ruby

DEPENDENCIES
  mediawiki-butt!
  minitest (~> 5.13)

RUBY VERSION
   ruby 2.6.5p114

BUNDLED WITH
   2.0.2
